PATH
  remote: .
  specs:
    arca (1.0.0)

GEM
  remote: https://rubygems.org/
  specs:
    coderay (1.1.0)
    method_source (0.8.2)
    minitest (5.7.0)
    pry (0.10.1)
      coderay (~> 1.1.0)
      method_source (~> 0.8.1)
      slop (~> 3.4)
    rake (10.4.2)
    slop (3.5.0)

PLATFORMS
  ruby

DEPENDENCIES
  arca!
  minitest (~> 5.7)
  pry (~> 0.10.1)
  rake (~> 10.4)
